PATH
  remote: rack_dav
  specs:
    rack_dav (0.4.1)
      ffi-xattr (~> 0.1)
      nokogiri (~> 1.5)
      rack (~> 1.4)

GEM
  remote: https://rubygems.org/
  specs:
    backports (3.18.1)
    ffi (1.13.1)
    ffi-xattr (0.1.2)
      ffi
    mini_portile2 (2.4.0)
    multi_json (1.15.0)
    nokogiri (1.10.10)
      mini_portile2 (~> 2.4.0)
    rack (1.6.13)
    rack-protection (1.5.5)
      rack
    rack-test (1.1.0)
      rack (>= 1.0, < 3)
    rubyntlm (0.6.2)
    sinatra (1.4.8)
      rack (~> 1.5)
      rack-protection (~> 1.4)
      tilt (>= 1.3, < 3)
    sinatra-contrib (1.4.7)
      backports (>= 2.0)
      multi_json
      rack-protection
      rack-test
      sinatra (~> 1.4.0)
      tilt (>= 1.3, < 3)
    tilt (2.0.10)

PLATFORMS
  ruby

DEPENDENCIES
  rack_dav!
  rubyntlm
  sinatra
  sinatra-contrib

BUNDLED WITH
   2.1.4
